PATH
  remote: .
  specs:
    string_wizard (0.1.0)
      date (~> 3.0)
      json (~> 2.3)
      nokogiri (~> 1.10)

GEM
  remote: https://rubygems.org/
  specs:
    date (3.4.0)
    diff-lcs (1.5.1)
    json (2.8.2)
    nokogiri (1.18.8-x86_64-linux-gnu)
      racc (~> 1.4)
    racc (1.8.1)
    rake (13.2.1)
    rspec (3.13.0)
      rspec-core (~> 3.13.0)
      rspec-expectations (~> 3.13.0)
      rspec-mocks (~> 3.13.0)
    rspec-core (3.13.2)
      rspec-support (~> 3.13.0)
    rspec-expectations (3.13.3)
      diff-lcs (>= 1.2.0, < 2.0)
      rspec-support (~> 3.13.0)
    rspec-mocks (3.13.2)
      diff-lcs (>= 1.2.0, < 2.0)
      rspec-support (~> 3.13.0)
    rspec-support (3.13.1)

PLATFORMS
  x86_64-linux-gnu

DEPENDENCIES
  bundler (~> 2.0)
  rake (~> 13.0)
  rspec (~> 3.0)
  string_wizard!

BUNDLED WITH
   2.6.8
